PATH
  remote: .
  specs:
    device_api-android (1.2.20)
      android-devices
      device_api (~> 1.0.2)

GEM
  remote: https://rubygems.org/
  specs:
    android-devices (1.0.1)
    codeclimate-test-reporter (1.0.8)
      simplecov (<= 0.13)
    device_api (1.0.2)
    diff-lcs (1.3)
    docile (1.1.5)
    json (2.3.1)
    rspec (3.5.0)
      rspec-core (~> 3.5.0)
      rspec-expectations (~> 3.5.0)
      rspec-mocks (~> 3.5.0)
    rspec-core (3.5.4)
      rspec-support (~> 3.5.0)
    rspec-expectations (3.5.0)
      diff-lcs (>= 1.2.0, < 2.0)
      rspec-support (~> 3.5.0)
    rspec-mocks (3.5.0)
      diff-lcs (>= 1.2.0, < 2.0)
      rspec-support (~> 3.5.0)
    rspec-support (3.5.0)
    simplecov (0.13.0)
      docile (~> 1.1.0)
      json (>= 1.8, < 3)
      simplecov-html (~> 0.10.0)
    simplecov-html (0.10.0)

PLATFORMS
  ruby

DEPENDENCIES
  codeclimate-test-reporter
  device_api-android!
  rspec (~> 3)
  simplecov (~> 0.12)

BUNDLED WITH
   1.14.6
